GIT
  remote: git://github.com/spree-contrib/spree_i18n.git
  revision: 0fda0166201f7cb441d5f7b66d8883899d20ecb6
  branch: 3-0-stable
  specs:
    spree_i18n (3.0.0)
      friendly_id-globalize
      globalize (~> 5.0.1)
      i18n_data (~> 0.5.1)
      rails-i18n (~> 4.0.1)
      spree_core (~> 3.0.0)

GIT
  remote: git://github.com/spree/spree.git
  revision: 84135220e22313dc544c73395af1509bf41e6a7e
  branch: 3-0-stable
  specs:
    spree (3.0.0)
      spree_api (= 3.0.0)
      spree_backend (= 3.0.0)
      spree_cmd (= 3.0.0)
      spree_core (= 3.0.0)
      spree_frontend (= 3.0.0)
      spree_sample (= 3.0.0)
    spree_api (3.0.0)
      rabl (~> 0.9.4.pre1)
      spree_core (= 3.0.0)
      versioncake (~> 2.3.1)
    spree_backend (3.0.0)
      bootstrap-sass (~> 3.3.1)
      jquery-rails (~> 4.0.3)
      jquery-ui-rails (~> 5.0.0)
      select2-rails (= 3.5.9.1)
      spree_api (= 3.0.0)
      spree_core (= 3.0.0)
      sprockets-rails (~> 2.2)
    spree_cmd (3.0.0)
      thor (~> 0.14)
    spree_core (3.0.0)
      activemerchant (~> 1.47.0)
      acts_as_list (~> 0.6)
      awesome_nested_set (~> 3.0.1)
      cancancan (~> 1.10.1)
      carmen (~> 1.0.0)
      deface (~> 1.0.0)
      ffaker (~> 1.16)
      font-awesome-rails (~> 4.0)
      friendly_id (~> 5.1.0)
      highline (~> 1.6.18)
      httparty (~> 0.11)
      json (~> 1.7)
      kaminari (~> 0.15, >= 0.15.1)
      monetize (~> 1.1)
      paperclip (~> 4.2.0)
      paranoia (~> 2.1.0)
      premailer-rails
      rails (~> 4.2.0)
      ransack (~> 1.4.1)
      responders
      state_machines-activerecord (~> 0.2)
      stringex
      truncate_html (= 0.9.2)
      twitter_cldr (~> 3.0)
    spree_frontend (3.0.0)
      bootstrap-sass (~> 3.3.1)
      canonical-rails (~> 0.0.4)
      jquery-rails (~> 4.0.3)
      spree_api (= 3.0.0)
      spree_core (= 3.0.0)
      sprockets-rails (~> 2.2)
    spree_sample (3.0.0)
      spree_core (= 3.0.0)

GIT
  remote: git://github.com/spree/spree_auth_devise.git
  revision: 347428395b8c06c79c3bfe516404314a1c365839
  branch: 3-0-stable
  specs:
    spree_auth_devise (3.0.0)
      devise (~> 3.4.1)
      devise-encryptable (= 0.1.2)
      json
      multi_json
      spree_core (~> 3.0.0)

GIT
  remote: git://github.com/spree/spree_editor.git
  revision: 9925292874d717f1aa2d5870a22204b6ca0129b4
  branch: 3-0-stable
  specs:
    spree_editor (2.2.1)
      ckeditor (~> 4.1.1)
      spree_backend (~> 3.0.0)
      tinymce-rails (~> 4.0.16)

GIT
  remote: git://github.com/spree/spree_gateway.git
  revision: 898061cea1b18b9e63cde0224921225e4c57dd65
  branch: 3-0-stable
  specs:
    spree_gateway (3.0.0.beta)
      spree_core (~> 3.0.0)

GEM
  remote: https://rubygems.org/
  specs:
    actionmailer (4.2.0)
      actionpack (= 4.2.0)
      actionview (= 4.2.0)
      activejob (= 4.2.0)
      mail (~> 2.5, >= 2.5.4)
      rails-dom-testing (~> 1.0, >= 1.0.5)
    actionpack (4.2.0)
      actionview (= 4.2.0)
      activesupport (= 4.2.0)
      rack (~> 1.6.0)
      rack-test (~> 0.6.2)
      rails-dom-testing (~> 1.0, >= 1.0.5)
      rails-html-sanitizer (~> 1.0, >= 1.0.1)
    actionview (4.2.0)
      activesupport (= 4.2.0)
      builder (~> 3.1)
      erubis (~> 2.7.0)
      rails-dom-testing (~> 1.0, >= 1.0.5)
      rails-html-sanitizer (~> 1.0, >= 1.0.1)
    activejob (4.2.0)
      activesupport (= 4.2.0)
      globalid (>= 0.3.0)
    activemerchant (1.47.0)
      activesupport (>= 3.2.14, < 5.0.0)
      builder (>= 2.1.2, < 4.0.0)
      i18n (>= 0.6.9)
      nokogiri (~> 1.4)
    activemodel (4.2.0)
      activesupport (= 4.2.0)
      builder (~> 3.1)
    activerecord (4.2.0)
      activemodel (= 4.2.0)
      activesupport (= 4.2.0)
      arel (~> 6.0)
    activesupport (4.2.0)
      i18n (~> 0.7)
      json (~> 1.7, >= 1.7.7)
      minitest (~> 5.1)
      thread_safe (~> 0.3, >= 0.3.4)
      tzinfo (~> 1.1)
    acts_as_list (0.6.0)
      activerecord (>= 3.0)
    addressable (2.3.8)
    arel (6.0.0)
    autoprefixer-rails (5.1.8)
      execjs
      json
    awesome_nested_set (3.0.2)
      activerecord (>= 4.0.0, < 5)
    aws-sdk (1.63.0)
      aws-sdk-v1 (= 1.63.0)
    aws-sdk-v1 (1.63.0)
      json (~> 1.4)
      nokogiri (>= 1.4.4)
    axlsx (2.0.1)
      htmlentities (~> 4.3.1)
      nokogiri (>= 1.4.1)
      rubyzip (~> 1.0.0)
    axlsx_rails (0.3.0)
      axlsx (>= 2.0.1)
      rails (>= 3.1)
    bcrypt (3.1.10)
    better_errors (2.1.1)
      coderay (>= 1.0.0)
      erubis (>= 2.6.6)
      rack (>= 0.9.0)
    bootstrap-sass (3.3.4.1)
      autoprefixer-rails (>= 5.0.0.1)
      sass (>= 3.2.19)
    builder (3.2.2)
    bullet (4.14.4)
      activesupport (>= 3.0.0)
      uniform_notifier (>= 1.6.0)
    camertron-eprun (1.1.0)
    cancancan (1.10.1)
    canonical-rails (0.0.9)
      rails (>= 3.1, < 5.0)
    carmen (1.0.2)
      activesupport (>= 3.0.0)
    ckeditor (4.1.1)
      cocaine
      orm_adapter (~> 0.5.0)
    cldr-plurals-runtime-rb (1.0.0)
    climate_control (0.0.3)
      activesupport (>= 3.0)
    cocaine (0.5.7)
      climate_control (>= 0.0.3, < 1.0)
    coderay (1.1.0)
    coffee-rails (4.0.1)
      coffee-script (>= 2.2.0)
      railties (>= 4.0.0, < 5.0)
    coffee-script (2.3.0)
      coffee-script-source
      execjs
    coffee-script-source (1.9.1)
    colorize (0.7.5)
    coveralls (0.7.12)
      multi_json (~> 1.10)
      rest-client (>= 1.6.8, < 2)
      simplecov (~> 0.9.1)
      term-ansicolor (~> 1.3)
      thor (~> 0.19.1)
    css_parser (1.3.6)
      addressable
    dalli (2.7.4)
    deface (1.0.1)
      colorize (>= 0.5.8)
      nokogiri (~> 1.6.0)
      polyglot
      rails (>= 3.1)
    delayed_job (4.0.6)
      activesupport (>= 3.0, < 5.0)
    delayed_job_active_record (4.0.3)
      activerecord (>= 3.0, < 5.0)
      delayed_job (>= 3.0, < 4.1)
    devise (3.4.1)
      bcrypt (~> 3.0)
      orm_adapter (~> 0.1)
      railties (>= 3.2.6, < 5)
      responders
      thread_safe (~> 0.1)
      warden (~> 1.2.3)
    devise-encryptable (0.1.2)
      devise (>= 2.1.0)
    diff-lcs (1.2.5)
    docile (1.1.5)
    domain_name (0.5.23)
      unf (>= 0.0.5, < 1.0.0)
    erubis (2.7.0)
    execjs (2.4.0)
    factory_girl (4.5.0)
      activesupport (>= 3.0.0)
    factory_girl_rails (4.5.0)
      factory_girl (~> 4.5.0)
      railties (>= 3.0.0)
    ffaker (1.32.1)
    font-awesome-rails (4.3.0.0)
      railties (>= 3.2, < 5.0)
    friendly_id (5.1.0)
      activerecord (>= 4.0.0)
    friendly_id-globalize (1.0.0.alpha1)
      friendly_id (>= 5.0.0.beta4, < 6.0)
    globalid (0.3.3)
      activesupport (>= 4.1.0)
    globalize (5.0.1)
      activemodel (>= 4.2.0, < 4.3)
      activerecord (>= 4.2.0, < 4.3)
    haml (4.0.6)
      tilt
    haml-rails (0.9.0)
      actionpack (>= 4.0.1)
      activesupport (>= 4.0.1)
      haml (>= 4.0.6, < 5.0)
      html2haml (>= 1.0.1)
      railties (>= 4.0.1)
    highline (1.6.21)
    hike (1.2.3)
    html2haml (2.0.0)
      erubis (~> 2.7.0)
      haml (~> 4.0.0)
      nokogiri (~> 1.6.0)
      ruby_parser (~> 3.5)
    htmlentities (4.3.3)
    http-cookie (1.0.2)
      domain_name (~> 0.5)
    httparty (0.13.3)
      json (~> 1.8)
      multi_xml (>= 0.5.2)
    i18n (0.7.0)
    i18n_data (0.5.1)
    jbuilder (2.2.12)
      activesupport (>= 3.0.0, < 5)
      multi_json (~> 1.2)
    jquery-rails (4.0.3)
      rails-dom-testing (~> 1.0)
      railties (>= 4.2.0)
      thor (>= 0.14, < 2.0)
    jquery-ui-rails (5.0.3)
      railties (>= 3.2.16)
    json (1.8.2)
    kaminari (0.16.3)
      actionpack (>= 3.0.0)
      activesupport (>= 3.0.0)
    kgio (2.9.3)
    loofah (2.0.1)
      nokogiri (>= 1.5.9)
    mail (2.6.3)
      mime-types (>= 1.16, < 3)
    mime-types (2.4.3)
    mini_portile (0.6.2)
    minitest (5.5.1)
    monetize (1.1.0)
      money (~> 6.5.0)
    money (6.5.1)
      i18n (>= 0.6.4, <= 0.7.0)
    multi_json (1.11.0)
    multi_xml (0.5.5)
    netrc (0.10.3)
    newrelic_rpm (3.11.1.284)
    nokogiri (1.6.6.2)
      mini_portile (~> 0.6.0)
    orm_adapter (0.5.0)
    paperclip (4.2.1)
      activemodel (>= 3.0.0)
      activesupport (>= 3.0.0)
      cocaine (~> 0.5.3)
      mime-types
    paranoia (2.1.1)
      activerecord (~> 4.0)
    pg (0.18.1)
    polyamorous (1.1.0)
      activerecord (>= 3.0)
    polyglot (0.3.5)
    premailer (1.8.4)
      css_parser (>= 1.3.6)
      htmlentities (>= 4.0.0)
    premailer-rails (1.8.0)
      actionmailer (>= 3, < 5)
      premailer (~> 1.7, >= 1.7.9)
    rabl (0.9.4.pre1)
      activesupport (>= 2.3.14)
    rack (1.6.0)
    rack-test (0.6.3)
      rack (>= 1.0)
    rails (4.2.0)
      actionmailer (= 4.2.0)
      actionpack (= 4.2.0)
      actionview (= 4.2.0)
      activejob (= 4.2.0)
      activemodel (= 4.2.0)
      activerecord (= 4.2.0)
      activesupport (= 4.2.0)
      bundler (>= 1.3.0, < 2.0)
      railties (= 4.2.0)
      sprockets-rails
    rails-deprecated_sanitizer (1.0.3)
      activesupport (>= 4.2.0.alpha)
    rails-dom-testing (1.0.6)
      activesupport (>= 4.2.0.beta, < 5.0)
      nokogiri (~> 1.6.0)
      rails-deprecated_sanitizer (>= 1.0.1)
    rails-html-sanitizer (1.0.2)
      loofah (~> 2.0)
    rails-i18n (4.0.4)
      i18n (~> 0.6)
      railties (~> 4.0)
    railties (4.2.0)
      actionpack (= 4.2.0)
      activesupport (= 4.2.0)
      rake (>= 0.8.7)
      thor (>= 0.18.1, < 2.0)
    raindrops (0.13.0)
    rake (10.4.2)
    ransack (1.4.1)
      actionpack (>= 3.0)
      activerecord (>= 3.0)
      activesupport (>= 3.0)
      i18n
      polyamorous (~> 1.1)
    responders (2.1.0)
      railties (>= 4.2.0, < 5)
    rest-client (1.8.0)
      http-cookie (>= 1.0.2, < 2.0)
      mime-types (>= 1.16, < 3.0)
      netrc (~> 0.7)
    rspec-core (3.2.2)
      rspec-support (~> 3.2.0)
    rspec-expectations (3.2.0)
      diff-lcs (>= 1.2.0, < 2.0)
      rspec-support (~> 3.2.0)
    rspec-mocks (3.2.1)
      diff-lcs (>= 1.2.0, < 2.0)
      rspec-support (~> 3.2.0)
    rspec-rails (3.2.1)
      actionpack (>= 3.0, < 4.3)
      activesupport (>= 3.0, < 4.3)
      railties (>= 3.0, < 4.3)
      rspec-core (~> 3.2.0)
      rspec-expectations (~> 3.2.0)
      rspec-mocks (~> 3.2.0)
      rspec-support (~> 3.2.0)
    rspec-support (3.2.2)
    ruby_parser (3.6.5)
      sexp_processor (~> 4.1)
    rubyzip (1.0.0)
    sass (3.2.19)
    sass-rails (4.0.5)
      railties (>= 4.0.0, < 5.0)
      sass (~> 3.2.2)
      sprockets (~> 2.8, < 3.0)
      sprockets-rails (~> 2.0)
    select2-rails (3.5.9.1)
      thor (~> 0.14)
    sexp_processor (4.5.0)
    simplecov (0.9.2)
      docile (~> 1.1.0)
      multi_json (~> 1.0)
      simplecov-html (~> 0.9.0)
    simplecov-html (0.9.0)
    spring (1.3.3)
    sprockets (2.12.3)
      hike (~> 1.2)
      multi_json (~> 1.0)
      rack (~> 1.0)
      tilt (~> 1.1, != 1.3.0)
    sprockets-rails (2.2.4)
      actionpack (>= 3.0)
      activesupport (>= 3.0)
      sprockets (>= 2.8, < 4.0)
    state_machines (0.2.2)
    state_machines-activemodel (0.1.2)
      activemodel (~> 4.1)
      state_machines (~> 0.2.0)
    state_machines-activerecord (0.2.0)
      activerecord (~> 4.1)
      state_machines-activemodel (~> 0.1.0)
    stringex (2.5.2)
    term-ansicolor (1.3.0)
      tins (~> 1.0)
    thor (0.19.1)
    thread_safe (0.3.5)
    tilt (1.4.1)
    tins (1.3.5)
    tinymce-rails (4.0.28.2)
      railties (>= 3.1.1)
    truncate_html (0.9.2)
    twitter_cldr (3.1.2)
      camertron-eprun
      cldr-plurals-runtime-rb (~> 1.0.0)
      json
      tzinfo
    tzinfo (1.2.2)
      thread_safe (~> 0.1)
    uglifier (2.7.1)
      execjs (>= 0.3.0)
      json (>= 1.8.0)
    unf (0.1.4)
      unf_ext
    unf_ext (0.0.6)
    unicorn (4.8.3)
      kgio (~> 2.6)
      rack
      raindrops (~> 0.7)
    uniform_notifier (1.8.0)
    versioncake (2.3.1)
      actionpack (>= 3.2)
      activesupport (>= 3.2)
      railties (>= 3.2)
      tzinfo
    warden (1.2.3)
      rack (>= 1.0)

PLATFORMS
  ruby

DEPENDENCIES
  aws-sdk (< 2.0)
  axlsx_rails
  better_errors
  bullet
  coffee-rails (~> 4.0.0)
  coveralls
  dalli
  delayed_job_active_record
  factory_girl_rails
  ffaker
  haml-rails (~> 0.8)
  jbuilder (~> 2.0)
  jquery-rails
  newrelic_rpm
  paperclip (~> 4.2)
  pg
  rails (= 4.2)
  rspec-rails (~> 3.0)
  sass-rails (~> 4.0.3)
  spree!
  spree_auth_devise!
  spree_editor!
  spree_gateway!
  spree_i18n!
  spring
  uglifier (>= 1.3.0)
  unicorn
